STORAGE: NONE
RESTRICTION: == net472
NUGET
  remote: https://api.nuget.org/v3/index.json
    FSharp.Core (4.7.2)
    Lib.Harmony (2.3.3)
    UnlimitedHugs.Rimworld.HugsLib (11.0.3)
      Lib.Harmony (>= 2.2.2)
